GEM
  remote: https://rubygems.org/
  specs:
    redcarpet (3.4.0)
    rouge (3.0.0)

PLATFORMS
  ruby

DEPENDENCIES
  redcarpet
  rouge

BUNDLED WITH
   1.17.2
